GEM
  remote: https://rubygems.org/
  specs:
    rake (13.0.6)
    rake-compiler (1.2.1)
      rake
    rb_sys (0.9.53)

PLATFORMS
  x86_64-linux

DEPENDENCIES
  rake-compiler
  rb_sys

BUNDLED WITH
   2.3.26
